GEM
  remote: https://rubygems.org/
  specs:
    addressable (2.3.6)
    css_parser (1.3.5)
      addressable

PLATFORMS
  x86-mingw32

DEPENDENCIES
  css_parser
